GEM
  remote: https://rubygems.org/
  specs:
    dropbox-sdk (1.6.4)
      json
    json (1.8.1)
    kramdown (1.5.0)

PLATFORMS
  ruby

DEPENDENCIES
  dropbox-sdk
  kramdown
